PATH
  remote: .
  specs:
    enom (1.0.0)
      httparty (~> 0.7.8)

GEM
  remote: http://rubygems.org/
  specs:
    bouncy-castle-java (1.5.0146.1)
    crack (0.1.8)
    fakeweb (1.3.0)
    httparty (0.7.8)
      crack (= 0.1.8)
    jruby-openssl (0.7.4)
      bouncy-castle-java
    rake (0.9.2)
    shoulda (2.11.3)

PLATFORMS
  java
  ruby

DEPENDENCIES
  enom!
  fakeweb
  jruby-openssl
  rake (~> 0.9)
  shoulda
