PATH
  remote: .
  specs:
    enom (0.9.10)
      httparty (~> 0.7.3)

GEM
  remote: http://rubygems.org/
  specs:
    crack (0.1.8)
    fakeweb (1.3.0)
    httparty (0.7.3)
      crack (= 0.1.8)
    shoulda (2.11.3)

PLATFORMS
  ruby

DEPENDENCIES
  enom!
  fakeweb
  shoulda
